GEM
  remote: https://rubygems.org/
  specs:
    daemons (1.4.1)
    eventmachine (1.2.7)
    nio4r (2.5.9)
    puma (6.4.0)
      nio4r (~> 2.0)
    rack (3.0.8)
    thin (1.6.2)
      daemons (>= 1.0.9)
      eventmachine (>= 1.0.0)
      rack (>= 1.0.0)

PLATFORMS
  x86_64-linux

DEPENDENCIES
  puma (~> 6.4)
  rack (~> 3.0)
  thin (~> 1.6)

BUNDLED WITH
   2.4.13
